GEM
  remote: http://rubygems.org/
  specs:
    builder (3.2.2)
    childprocess (0.5.6)
      ffi (~> 1.0, >= 1.0.11)
    cucumber (1.2.5)
      builder (>= 2.1.2)
      diff-lcs (>= 1.1.3)
      gherkin (~> 2.11.7)
      multi_json (~> 1.3)
    diff-lcs (1.1.3)
    ffi (1.9.8)
    ffi (1.9.8-x86-mingw32)
    gherkin (2.11.8)
      multi_json (~> 1.3)
    gherkin (2.11.8-x86-mingw32)
      multi_json (~> 1.3)
    headless (1.0.2)
    multi_json (1.11.0)
    parallel (1.4.1)
    parallel_tests (0.16.17)
      parallel
    rspec (2.12.0)
      rspec-core (~> 2.12.0)
      rspec-expectations (~> 2.12.0)
      rspec-mocks (~> 2.12.0)
    rspec-core (2.12.2)
    rspec-expectations (2.12.1)
      diff-lcs (~> 1.1.3)
    rspec-mocks (2.12.2)
    rubyzip (1.1.7)
    selenium-webdriver (2.42.0)
      childprocess (~> 0.5)
      multi_json (~> 1.0)
      rubyzip (~> 1.0)
      websocket (~> 1.0)
    test-factory (0.5.3)
      watir-webdriver (>= 0.6.4)
    watir-webdriver (0.6.11)
      selenium-webdriver (>= 2.18.0)
    websocket (1.2.2)

PLATFORMS
  ruby
  x86-mingw32

DEPENDENCIES
  cucumber (= 1.2.5)
  headless (~> 1.0.1)
  parallel_tests (~> 0.16.5)
  rspec (~> 2.12.0)
  selenium-webdriver (~> 2.42.0)
  test-factory (~> 0.5.3)
  watir-webdriver (~> 0.6.4)
